GEM
  specs:
    require_all (3.0.0)

PLATFORMS
  x64-mingw32

DEPENDENCIES
  require_all (~> 3.0)

BUNDLED WITH
   2.1.4
